GIT
  remote: https://github.com/livingsocial/rake-pipeline.git
  revision: f71caeb1406dafd6af5ab8453db8c5ac53947c92
  specs:
    rake-pipeline (0.6.0)
      rake (~> 0.9.0)
      thor

GIT
  remote: https://github.com/wycats/rake-pipeline-web-filters.git
  revision: 8719a4e4a9aa21cd723b5121bd3ec54d87997018
  specs:
    rake-pipeline-web-filters (0.6.0)
      rack
      rake-pipeline (~> 0.6)

GEM
  remote: http://rubygems.org/
  specs:
    POpen4 (0.1.4)
      Platform (>= 0.4.0)
      open4
    Platform (0.4.0)
    backports (2.3.0)
    chunky_png (1.2.5)
    compass (0.11.7)
      chunky_png (~> 1.2)
      fssm (>= 0.2.7)
      sass (~> 3.1)
    eventmachine (0.12.10)
    execjs (1.3.0)
      multi_json (~> 1.0)
    fssm (0.2.8.1)
    hashie (1.2.0)
    multi_json (1.1.0)
    oauth (0.4.5)
    omniauth (1.0.2)
      hashie (~> 1.2)
      rack
    omniauth-oauth (1.0.0)
      oauth
      omniauth (~> 1.0)
    omniauth-twitter (0.0.8)
      omniauth-oauth (~> 1.0)
    open4 (1.3.0)
    rack (1.4.1)
    rack-protection (1.2.0)
      rack
    rack-rewrite (1.2.1)
    rack-streaming-proxy (1.0.3)
      rack (>= 1.0)
      servolux (~> 0.8.1)
    rack-test (0.6.1)
      rack (>= 1.0)
    rake (0.9.2.2)
    sass (3.1.15)
    servolux (0.8.1)
    sinatra (1.3.2)
      rack (~> 1.3, >= 1.3.6)
      rack-protection (~> 1.2)
      tilt (~> 1.3, >= 1.3.3)
    sinatra-contrib (1.3.1)
      backports (>= 2.0)
      eventmachine
      rack-protection
      rack-test
      sinatra (~> 1.3.0)
      tilt (~> 1.3)
    thor (0.14.6)
    tilt (1.3.3)
    uglifier (1.2.3)
      execjs (>= 0.3.0)
      multi_json (>= 1.0.2)
    yui-compressor (0.9.6)
      POpen4 (>= 0.1.4)

PLATFORMS
  ruby

DEPENDENCIES
  compass
  multi_json
  oauth
  omniauth
  omniauth-twitter
  rack
  rack-rewrite
  rack-streaming-proxy
  rake-pipeline!
  rake-pipeline-web-filters!
  sass
  sinatra
  sinatra-contrib
  uglifier
  yui-compressor
